GEM
  remote: http://rubygems.org/
  specs:
    docile (1.1.3)
    git (1.2.5)
    jeweler (1.8.3)
      bundler (~> 1.0)
      git (>= 1.2.5)
      rake
      rdoc
    json (1.6.5)
    multi_json (1.9.3)
    rake (0.9.2.2)
    rdoc (3.12)
      json (~> 1.4)
    shoulda (2.11.3)
    simplecov (0.8.2)
      docile (~> 1.1.0)
      multi_json
      simplecov-html (~> 0.8.0)
    simplecov-html (0.8.0)
    test-unit (2.0.0.0)

PLATFORMS
  ruby

DEPENDENCIES
  bundler
  jeweler
  rdoc
  shoulda
  simplecov
  test-unit
